GEM
  remote: https://rubygems.org/
  specs:
    faraday (0.9.2)
      multipart-post (>= 1.2, < 3)
    faraday_middleware (0.9.2)
      faraday (>= 0.7.4, < 0.10)
    json (2.5.1)
    mime-types (3.3.1)
      mime-types-data (~> 3.2015)
    mime-types-data (3.2021.0225)
    multipart-post (2.1.1)
    oauth (0.5.5)
    simple_oauth (0.3.1)
    sorbet (0.5.10707)
      sorbet-static (= 0.5.10707)
    sorbet-runtime (0.5.10707)
    sorbet-static (0.5.10707-universal-darwin-21)
    sorbet-static (0.5.10707-x86_64-linux)
    sorbet-static-and-runtime (0.5.10707)
      sorbet (= 0.5.10707)
      sorbet-runtime (= 0.5.10707)
    tumblr_client (0.8.5)
      faraday (~> 0.9.0)
      faraday_middleware (~> 0.9.0)
      json
      mime-types
      oauth
      simple_oauth

PLATFORMS
  x86_64-darwin-21
  x86_64-linux

DEPENDENCIES
  sorbet-static-and-runtime (~> 0.5.10707)
  tumblr_client (~> 0.8.5)

RUBY VERSION
   ruby 2.7.5p203

BUNDLED WITH
   2.2.14
